PATH
  remote: .
  specs:
    webby (0.9.4.1)
      directory_watcher (>= 1.1.2)
      hpricot (>= 0.6.0)
      launchy (>= 0.3.2)
      logging (>= 0.9.7)
      loquacious (>= 1.3.0)
      rake (>= 0.8.4)
      rspec (>= 2.0.0)

GEM
  remote: http://rubygems.org/
  specs:
    bones (3.7.0)
      little-plugger (>= 1.1.2)
      loquacious (>= 1.7.0)
      rake (>= 0.8.7)
    configuration (1.2.0)
    diff-lcs (1.1.2)
    directory_watcher (1.4.0)
    hpricot (0.8.4)
    launchy (0.4.0)
      configuration (>= 0.0.5)
      rake (>= 0.8.1)
    little-plugger (1.1.2)
    logging (1.5.0)
      little-plugger (>= 1.1.2)
    loquacious (1.7.1)
    rake (0.9.1)
    rspec (2.6.0)
      rspec-core (~> 2.6.0)
      rspec-expectations (~> 2.6.0)
      rspec-mocks (~> 2.6.0)
    rspec-core (2.6.3)
    rspec-expectations (2.6.0)
      diff-lcs (~> 1.1.2)
    rspec-mocks (2.6.0)

PLATFORMS
  ruby

DEPENDENCIES
  bones (>= 2.5.0)
  webby!
